PATH
  remote: .
  specs:
    gh_backup (0.0.5)
      rake
      thor

GEM
  remote: https://rubygems.org/
  specs:
    rake (10.0.3)
    thor (0.17.0)

PLATFORMS
  ruby

DEPENDENCIES
  gh_backup!
