GEM
  remote: http://rubygems.org/
  specs:
    thor (0.17.0)

PLATFORMS
  ruby

DEPENDENCIES
  thor
